GEM
  remote: http://rubygems.org/
  specs:
    gosu (0.12.1-x64-mingw32)
    rake (12.0.0)

PLATFORMS
  x64-mingw32

DEPENDENCIES
  gosu (~> 0.12.1)
  rake (~> 12.0.0)

BUNDLED WITH
   1.16.2
